PATH
  remote: .
  specs:
    locomotive_editor (1.0.0.rc13)
      RedCloth (~> 4.2.3)
      activesupport (~> 3.1.3)
      coffee-script (~> 2.2.0)
      colorize (~> 0.5.8)
      compass (~> 0.12.1)
      dragonfly (~> 0.9.8)
      faker (~> 0.9.5)
      haml (= 3.1.6)
      httmultiparty (= 0.3.8)
      i18n (~> 0.6.0)
      json (~> 1.6.5)
      locomotive_liquid (~> 2.2.2)
      multi_json (~> 1.2.0)
      pistol
      rack (= 1.4.0)
      rack-cache (~> 1.1)
      sinatra (~> 1.3.2)
      sinatra-flash (>= 0.3.0)
      sinatra-i18n (~> 0.1.0)
      therubyracer (~> 0.9.10)
      thin (~> 1.3.1)
      will_paginate (~> 2.3.15)
      zip (~> 2.0.2)

GEM
  remote: http://rubygems.org/
  specs:
    RedCloth (4.2.9)
    activesupport (3.1.7)
      multi_json (>= 1.0, < 1.3)
    chunky_png (1.2.5)
    coffee-script (2.2.0)
      coffee-script-source
      execjs
    coffee-script-source (1.3.3)
    colorize (0.5.8)
    compass (0.12.2)
      chunky_png (~> 1.2)
      fssm (>= 0.2.7)
      sass (~> 3.1)
    daemons (1.1.8)
    dragonfly (0.9.12)
      rack
    eventmachine (0.12.10)
    execjs (1.4.0)
      multi_json (~> 1.0)
    faker (0.9.5)
      i18n (~> 0.4)
    fssm (0.2.9)
    haml (3.1.6)
    httmultiparty (0.3.8)
      httparty (>= 0.7.3)
      multipart-post
    httparty (0.8.3)
      multi_json (~> 1.0)
      multi_xml
    i18n (0.6.0)
    json (1.6.7)
    libv8 (3.3.10.4)
    locomotive_liquid (2.2.3)
    multi_json (1.2.0)
    multi_xml (0.5.1)
    multipart-post (1.1.5)
    pistol (0.0.2)
    rack (1.4.0)
    rack-cache (1.2)
      rack (>= 0.4)
    rack-protection (1.2.0)
      rack
    rmagick (2.12.2)
    sass (3.1.20)
    sinatra (1.3.2)
      rack (~> 1.3, >= 1.3.6)
      rack-protection (~> 1.2)
      tilt (~> 1.3, >= 1.3.3)
    sinatra-flash (0.3.0)
      sinatra (>= 1.0.0)
    sinatra-i18n (0.1.0)
    therubyracer (0.9.10)
      libv8 (~> 3.3.10)
    thin (1.3.1)
      daemons (>= 1.0.9)
      eventmachine (>= 0.12.6)
      rack (>= 1.0.0)
    tilt (1.3.3)
    will_paginate (2.3.16)
    zip (2.0.2)

PLATFORMS
  ruby

DEPENDENCIES
  locomotive_editor!
  rmagick (= 2.12.2)
